{
  "MagneticFieldStrength": 3,
  "Manufacturer": "Siemens",
  "ManufacturersModelName": "Prisma",
  "InstitutionName": "Tutorial Imaging Center",
  "DeviceSerialNumber": "00000",
  "StationName": "PRISMA_01",
  "BodyPartExamined": "BRAIN",
  "PatientPosition": "HFS",
  "SoftwareVersions": "syngo MR E11",
  "MRAcquisitionType": "3D",
  "SeriesDescription": "t1_mprage_sag_p2",
  "ProtocolName": "t1_mprage_sag_p2",
  "ScanningSequence": "GR",
  "SequenceVariant": "SP",
  "ScanOptions": "IR",
  "SequenceName": "tfl3d1_16ns",
  "ImageType": ["ORIGINAL", "PRIMARY", "M", "ND", "NORM"],
  "SliceThickness": 1.0,
  "SpacingBetweenSlices": 1.0,
  "SAR": 0.05,
  "RepetitionTime": 2.3,
  "EchoTime": 0.00298,
  "InversionTime": 0.9,
  "FlipAngle": 9,
  "PartialFourier": 1,
  "BaseResolution": 256,
  "ShimSetting": [0, 0, 0, 0, 0, 0, 0, 0],
  "TxRefAmp": 0.0,
  "PhaseResolution": 1.0,
  "ReceiveCoilName": "HeadNeck_64",
  "ReceiveCoilActiveElements": "HC1-7;NC1,2",
  "CoilCombinationMethod": "Sum of Squares",
  "MatrixCoilMode": "SENSE",
  "PixelBandwidth": 240,
  "DwellTime": 2.1e-06,
  "WaterFatShift": 0.607,
  "ImageOrientationPatientDICOM": [1, 0, 0, 0, 1, 0]
}
